GEM
  remote: https://rubygems.org/
  specs:
    mini_portile2 (2.1.0)
    nokogiri (1.6.8)
      mini_portile2 (~> 2.1.0)
      pkg-config (~> 1.1.7)
    pkg-config (1.1.7)
    posix-spawn (0.3.11)
    rake (11.2.2)

PLATFORMS
  ruby

DEPENDENCIES
  nokogiri
  posix-spawn
  rake

BUNDLED WITH
   1.11.2
